PATH
  remote: .
  specs:
    interval_set (0.2.3)
      treemap-fork (~> 1.0, >= 1.0.4.2)

GEM
  remote: https://rubygems.org/
  specs:
    diff-lcs (1.3)
    minitest (5.10.3)
    rake (10.5.0)
    rspec (3.7.0)
      rspec-core (~> 3.7.0)
      rspec-expectations (~> 3.7.0)
      rspec-mocks (~> 3.7.0)
    rspec-core (3.7.0)
      rspec-support (~> 3.7.0)
    rspec-expectations (3.7.0)
      diff-lcs (>= 1.2.0, < 2.0)
      rspec-support (~> 3.7.0)
    rspec-mocks (3.7.0)
      diff-lcs (>= 1.2.0, < 2.0)
      rspec-support (~> 3.7.0)
    rspec-support (3.7.0)
    treemap-fork (1.0.4.2)

PLATFORMS
  ruby

DEPENDENCIES
  bundler (~> 1.16)
  interval_set!
  minitest (~> 5.0)
  rake (~> 10.0)
  rspec (~> 3.7)

BUNDLED WITH
   1.16.1
