PATH
  remote: .
  specs:
    rangeset (0.1.0.pre.RC3.pre.SNAPSHOT)
      treemap-fork (~> 1.0, >= 1.0.4.2)

GEM
  remote: https://rubygems.org/
  specs:
    minitest (5.10.3)
    rake (10.5.0)
    treemap-fork (1.0.4.2)

PLATFORMS
  ruby

DEPENDENCIES
  bundler (~> 1.16)
  minitest (~> 5.0)
  rake (~> 10.0)
  rangeset!

BUNDLED WITH
   1.16.0
